PATH
  remote: .
  specs:
    earlgrey (1.12.1)
      colored (>= 1.2)
      thor (>= 0.19.1)
      xcodeproj (>= 1.3.0)

GEM
  remote: https://rubygems.org/
  specs:
    CFPropertyList (2.3.6)
    ast (2.4.0)
    atomos (0.1.2)
    claide (1.0.2)
    coderay (1.1.2)
    colored (1.2)
    colored2 (3.1.2)
    diff-lcs (1.3)
    method_source (0.8.2)
    nanaimo (0.2.3)
    parallel (1.12.1)
    parser (2.4.0.2)
      ast (~> 2.3)
    powerpack (0.1.1)
    pry (0.10.4)
      coderay (~> 1.1.0)
      method_source (~> 0.8.1)
      slop (~> 3.4)
    rainbow (3.0.0)
    rake (12.3.3)
    rspec (3.7.0)
      rspec-core (~> 3.7.0)
      rspec-expectations (~> 3.7.0)
      rspec-mocks (~> 3.7.0)
    rspec-core (3.7.1)
      rspec-support (~> 3.7.0)
    rspec-expectations (3.7.0)
      diff-lcs (>= 1.2.0, < 2.0)
      rspec-support (~> 3.7.0)
    rspec-mocks (3.7.0)
      diff-lcs (>= 1.2.0, < 2.0)
      rspec-support (~> 3.7.0)
    rspec-support (3.7.1)
    rubocop (0.52.1)
      parallel (~> 1.10)
      parser (>= 2.4.0.2, < 3.0)
      powerpack (~> 0.1)
      rainbow (>= 2.2.2, < 4.0)
      ruby-progressbar (~> 1.7)
      unicode-display_width (~> 1.0, >= 1.0.1)
    ruby-progressbar (1.9.0)
    slop (3.6.0)
    thor (0.20.0)
    unicode-display_width (1.3.0)
    xcodeproj (1.5.6)
      CFPropertyList (~> 2.3.3)
      atomos (~> 0.1.2)
      claide (>= 1.0.2, < 2.0)
      colored2 (~> 3.1)
      nanaimo (~> 0.2.3)

PLATFORMS
  ruby

DEPENDENCIES
  earlgrey!
  pry (~> 0.10.3)
  rake (~> 12.3)
  rspec (>= 3.4.0)
  rubocop (>= 0.39.0)

BUNDLED WITH
   1.16.0
